GEM
  remote: https://rubygems.org/
  specs:
    coderay (1.1.0)
    httparty (0.13.5)
      json (~> 1.8)
      multi_xml (>= 0.5.2)
    json (1.8.3)
    method_source (0.8.2)
    minitest (5.8.3)
    multi_xml (0.5.5)
    pry (0.10.3)
      coderay (~> 1.1.0)
      method_source (~> 0.8.1)
      slop (~> 3.4)
    rake (10.4.2)
    slop (3.6.0)

PLATFORMS
  ruby

DEPENDENCIES
  bundler
  httparty
  minitest
  pry
  rake

BUNDLED WITH
   1.10.3
